PATH
  remote: .
  specs:
    kloeckner_ardit (0.0.0)
      flickr_fu
      rmagick

GEM
  remote: https://rubygems.org/
  specs:
    diff-lcs (1.2.5)
    flickr_fu (0.3.4)
      mime-types
      xml-magic
    mime-types (3.0)
      mime-types-data (~> 3.2015)
    mime-types-data (3.2016.0221)
    rmagick (2.15.4)
    rspec (3.2.0)
      rspec-core (~> 3.2.0)
      rspec-expectations (~> 3.2.0)
      rspec-mocks (~> 3.2.0)
    rspec-core (3.2.3)
      rspec-support (~> 3.2.0)
    rspec-expectations (3.2.1)
      diff-lcs (>= 1.2.0, < 2.0)
      rspec-support (~> 3.2.0)
    rspec-mocks (3.2.1)
      diff-lcs (>= 1.2.0, < 2.0)
      rspec-support (~> 3.2.0)
    rspec-support (3.2.2)
    xml-magic (0.1.1)

PLATFORMS
  ruby

DEPENDENCIES
  kloeckner_ardit!
  rspec

BUNDLED WITH
   1.11.2
