PATH
  remote: .
  specs:
    kloeckner_ardit (0.0.0)
      flickr_fu (~> 0.3, >= 0.3.4)
      rmagick (~> 2.15, >= 2.15.4)

GEM
  remote: https://rubygems.org/
  specs:
    diff-lcs (1.2.5)
    flickr_fu (0.3.4)
      mime-types
      xml-magic
    mime-types (3.0)
      mime-types-data (~> 3.2015)
    mime-types-data (3.2016.0221)
    rake (10.5.0)
    rmagick (2.15.4)
    rspec (3.4.0)
      rspec-core (~> 3.4.0)
      rspec-expectations (~> 3.4.0)
      rspec-mocks (~> 3.4.0)
    rspec-core (3.4.3)
      rspec-support (~> 3.4.0)
    rspec-expectations (3.4.0)
      diff-lcs (>= 1.2.0, < 2.0)
      rspec-support (~> 3.4.0)
    rspec-mocks (3.4.1)
      diff-lcs (>= 1.2.0, < 2.0)
      rspec-support (~> 3.4.0)
    rspec-support (3.4.1)
    xml-magic (0.1.1)

PLATFORMS
  ruby

DEPENDENCIES
  bundler (~> 1.11, >= 1.11.0)
  kloeckner_ardit!
  rake (~> 10.5, >= 10.5.0)
  rspec (~> 3.4, >= 3.4.0)

BUNDLED WITH
   1.11.2
